GEM
  remote: http://rubygems.org/
  specs:
    json (1.5.1)
    kgio (2.3.3)
    mustache (0.99.2)
    pg (0.10.1)
    rack (1.2.2)
    sass (3.1.0.alpha.249)
    sequel (3.21.0)
    shotgun (0.9)
      rack (>= 1.0)
    sinatra (1.2.0)
      rack (~> 1.1)
      tilt (>= 1.2.2, < 2.0)
    sinatra-sequel (0.9.0)
      sequel (>= 3.2.0)
      sinatra (>= 0.9.4)
    sqlite3 (1.3.3)
    tilt (1.2.2)
    unicorn (3.5.0)
      kgio (~> 2.3)
      rack

PLATFORMS
  ruby

DEPENDENCIES
  json
  mustache
  pg
  sass
  sequel
  shotgun
  sinatra
  sinatra-sequel
  sqlite3
  unicorn
